GEM
  remote: https://rubygems.org/
  specs:
    base64 (0.2.0)
    csv (3.3.0)
    geocoder (1.8.3)
      base64 (>= 0.1.0)
      csv (>= 3.0.0)

PLATFORMS
  ruby

DEPENDENCIES
  geocoder

BUNDLED WITH
   2.5.6
