GEM
  remote: https://rubygems.org/
  specs:
    geocoder (1.8.2)

PLATFORMS
  ruby

DEPENDENCIES
  geocoder

BUNDLED WITH
   2.1.4
